GEM
  remote: http://rubygems.org/
  specs:
    adsf (1.1.1)
      rack (>= 1.0.0)
    albino (1.3.3)
      posix-spawn (>= 0.3.6)
    bluecloth (2.2.0)
    builder (3.1.4)
    chunky_png (1.2.6)
    coffee-script (2.2.0)
      coffee-script-source
      execjs
    coffee-script-source (1.4.0)
    colored (1.2)
    compass (0.12.2)
      chunky_png (~> 1.2)
      fssm (>= 0.2.7)
      sass (~> 3.1)
    cri (2.3.0)
      colored (>= 1.2)
    execjs (1.4.0)
      multi_json (~> 1.0)
    fssm (0.2.9)
    haml (3.1.7)
    mime-types (1.19)
    multi_json (1.3.6)
    nanoc (3.4.1)
      cri (~> 2.2)
    posix-spawn (0.3.6)
    rack (1.4.1)
    rake (0.9.2.2)
    sass (3.2.1)

PLATFORMS
  ruby

DEPENDENCIES
  adsf
  albino
  bluecloth
  builder
  coffee-script
  compass
  haml
  mime-types
  nanoc
  rack
  rake
  sass
